GEM
  remote: http://rubygems.org/
  specs:
    adsf (1.1.1)
      rack (>= 1.0.0)
    colored (1.2)
    cri (2.4.0)
      colored (>= 1.2)
    haml (4.0.4)
      tilt
    kramdown (1.2.0)
    nanoc (3.4.0)
      cri (~> 2.2)
    rack (1.5.2)
    sass (3.2.12)
    tilt (1.4.1)

PLATFORMS
  ruby

DEPENDENCIES
  adsf
  haml
  kramdown
  nanoc (= 3.4.0)
  sass
