GEM
  remote: http://rubygems.org/
  specs:
    colored (1.2)
    cri (2.3.0)
      colored (>= 1.2)
    haml (3.1.6)
    kramdown (0.13.7)
    nanoc (3.4.0)
      cri (~> 2.2)
    sass (3.1.20)

PLATFORMS
  ruby

DEPENDENCIES
  haml
  kramdown
  nanoc (= 3.4.0)
  sass
